PATH
  remote: .
  specs:
    fastbill-automatic (0.1.0)
      typhoeus (~> 0.6.4)
      virtus (~> 0.5.5)

GEM
  remote: https://rubygems.org/
  specs:
    backports (3.3.3)
    coderay (1.0.9)
    descendants_tracker (0.0.1)
    ethon (0.6.0)
      ffi (>= 1.3.0)
      mime-types (~> 1.18)
    ffi (1.9.0)
    formatador (0.2.4)
    guard (1.8.2)
      formatador (>= 0.2.4)
      listen (>= 1.0.0)
      lumberjack (>= 1.0.2)
      pry (>= 0.9.10)
      thor (>= 0.14.6)
    guard-minitest (1.0.1)
      guard (>= 1.8)
      minitest (>= 2.1)
    guard-rake (0.0.9)
      guard
      rake
    listen (1.2.3)
      rb-fsevent (>= 0.9.3)
      rb-inotify (>= 0.9)
      rb-kqueue (>= 0.2)
    lumberjack (1.0.4)
    metaclass (0.0.1)
    method_source (0.8.2)
    mime-types (1.24)
    minitest (5.0.6)
    mocha (0.14.0)
      metaclass (~> 0.0.1)
    pry (0.9.12.2)
      coderay (~> 1.0.5)
      method_source (~> 0.8)
      slop (~> 3.4)
    rake (10.1.0)
    rb-fsevent (0.9.3)
    rb-inotify (0.9.1)
      ffi (>= 0.5.0)
    rb-kqueue (0.2.0)
      ffi (>= 0.5.0)
    slop (3.4.6)
    thor (0.18.1)
    typhoeus (0.6.4)
      ethon (~> 0.6.0)
    virtus (0.5.5)
      backports (~> 3.3)
      descendants_tracker (~> 0.0.1)

PLATFORMS
  ruby

DEPENDENCIES
  bundler (~> 1.3)
  fastbill-automatic!
  guard-minitest (~> 1.0.1)
  guard-rake (~> 0.0.9)
  minitest (~> 5.0.6)
  mocha (~> 0.14.0)
  rake
