PATH
  remote: .
  specs:
    fastbill-automatic (0.0.1)

GEM
  remote: https://rubygems.org/
  specs:
    minitest (5.0.6)
    rake (10.1.0)

PLATFORMS
  ruby

DEPENDENCIES
  bundler (~> 1.3)
  fastbill-automatic!
  minitest (~> 5.0.6)
  rake
